GEM
  remote: http://rubygems.org/
  remote: http://ruby.taobao.org/
  specs:
    blankslate (2.1.2.4)
    builder (3.0.0)
    cucumber (1.1.9)
      builder (>= 2.1.2)
      diff-lcs (>= 1.1.2)
      gherkin (~> 2.9.0)
      json (>= 1.4.6)
      term-ansicolor (>= 1.0.6)
    diff-lcs (1.1.3)
    gherkin (2.9.0)
      json (>= 1.4.6)
    json (1.6.5)
    mixlib-log (1.3.0)
    multi_json (1.1.0)
    parslet (1.2.3)
      blankslate (~> 2.0)
    rspec (2.8.0)
      rspec-core (~> 2.8.0)
      rspec-expectations (~> 2.8.0)
      rspec-mocks (~> 2.8.0)
    rspec-core (2.8.0)
    rspec-expectations (2.8.0)
      diff-lcs (~> 1.1.2)
    rspec-mocks (2.8.0)
    simplecov (0.6.1)
      multi_json (~> 1.0)
      simplecov-html (~> 0.5.3)
    simplecov-html (0.5.3)
    term-ansicolor (1.0.7)

PLATFORMS
  ruby

DEPENDENCIES
  cucumber
  mixlib-log
  parslet
  rspec
  rspec-core
  rspec-expectations
  rspec-mocks
  simplecov
